GIT
  remote: https://github.com/everypolitician/everypolitician-ruby.git
  revision: 20582b1512358a0e8789ea289201e37ab5f085c2
  specs:
    everypolitician (0.20.0)
      everypolitician-popolo (>= 0.8.0)
      require_all

GIT
  remote: https://github.com/everypolitician/wikidata-fetcher.git
  revision: 1ecdefcca690bc9a8205e4877968d07c52cc5dce
  specs:
    wikidata-fetcher (0.19.0)
      colorize
      diskcached
      json
      mediawiki_api
      nokogiri
      require_all
      rest-client
      scraperwiki
      wikidata-client (~> 0.0.7)

GIT
  remote: https://github.com/everypolitician/wikisnakker.git
  revision: 502c9bd62a3c8a5e6671fc4744b4a5c7c5e618bc
  specs:
    wikisnakker (0.8.0)
      yajl-ruby

GIT
  remote: https://github.com/openaustralia/scraperwiki-ruby.git
  revision: fc50176812505e463077d5c673d504a6a234aa78
  branch: morph_defaults
  specs:
    scraperwiki (3.0.1)
      httpclient
      sqlite_magic

GIT
  remote: https://github.com/openc/sqlite_magic.git
  revision: 4df975eb4e9891de54f870077c83f63762af9bf9
  specs:
    sqlite_magic (0.0.6)
      sqlite3

GEM
  remote: https://rubygems.org/
  specs:
    activesupport-inflector (0.1.0)
    ast (2.3.0)
    coderay (1.1.1)
    colorize (0.8.1)
    diskcached (1.1.2)
    domain_name (0.5.20160826)
      unf (>= 0.0.5, < 1.0.0)
    everypolitician-popolo (0.8.0)
      require_all
    excon (0.54.0)
    faraday (0.9.2)
      multipart-post (>= 1.2, < 3)
    faraday-cookie_jar (0.0.6)
      faraday (>= 0.7.4)
      http-cookie (~> 1.0.0)
    faraday_middleware (0.10.0)
      faraday (>= 0.7.4, < 0.10)
    hashie (3.4.6)
    http-cookie (1.0.3)
      domain_name (~> 0.5)
    httpclient (2.8.2.4)
    i18n (0.7.0)
    json (2.0.2)
    mediawiki_api (0.7.0)
      faraday (~> 0.9, >= 0.9.0)
      faraday-cookie_jar (~> 0.0, >= 0.0.6)
      faraday_middleware (~> 0.10, >= 0.10.0)
    method_source (0.8.2)
    mime-types (3.1)
      mime-types-data (~> 3.2015)
    mime-types-data (3.2016.0521)
    mini_portile2 (2.1.0)
    multipart-post (2.0.0)
    netrc (0.11.0)
    nokogiri (1.6.8.1)
      mini_portile2 (~> 2.1.0)
    open-uri-cached (0.0.5)
    parser (2.3.2.0)
      ast (~> 2.2)
    powerpack (0.1.1)
    pry (0.10.4)
      coderay (~> 1.1.0)
      method_source (~> 0.8.1)
      slop (~> 3.4)
    rainbow (2.1.0)
    require_all (1.3.3)
    rest-client (2.0.0)
      http-cookie (>= 1.0.2, < 2.0)
      mime-types (>= 1.16, < 4.0)
      netrc (~> 0.8)
    rubocop (0.45.0)
      parser (>= 2.3.1.1, < 3.0)
      powerpack (~> 0.1)
      rainbow (>= 1.99.1, < 3.0)
      ruby-progressbar (~> 1.7)
      unicode-display_width (~> 1.0, >= 1.0.1)
    ruby-progressbar (1.8.1)
    slop (3.6.0)
    sqlite3 (1.3.12)
    unf (0.1.4)
      unf_ext
    unf_ext (0.0.7.2)
    unicode-display_width (1.1.1)
    wikidata-client (0.0.10)
      excon (~> 0.40)
      faraday (~> 0.9)
      faraday_middleware (~> 0.9)
      hashie (~> 3.3)
    yajl-ruby (1.3.0)

PLATFORMS
  ruby

DEPENDENCIES
  activesupport-inflector
  colorize
  everypolitician!
  i18n
  mediawiki_api
  nokogiri
  open-uri-cached
  pry
  rest-client
  rubocop
  scraperwiki!
  sqlite_magic!
  wikidata-fetcher (>= 0.19.0)!
  wikisnakker!

RUBY VERSION
   ruby 2.0.0p648

BUNDLED WITH
   1.13.6
